GIT
  remote: https://github.com/don-reba/ruby-riapi
  revision: 67db7e45a7bad887d25ee24d30f9685f9ef0813b
  specs:
    riapi (0.0.1)

GEM
  remote: https://rubygems.org/
  specs:
    rack (1.5.2)
    rack-protection (1.5.0)
      rack
    ruby-vips (0.3.5)
    sinatra (1.4.2)
      rack (~> 1.5, >= 1.5.2)
      rack-protection (~> 1.4)
      tilt (~> 1.3, >= 1.3.4)
    tilt (1.4.1)

PLATFORMS
  ruby

DEPENDENCIES
  riapi!
  ruby-vips
  sinatra
